PATH
  remote: .
  specs:
    omniauth-kitt (0.1.0)
      omniauth-oauth2

GEM
  remote: https://rubygems.org/
  specs:
    faraday (1.0.1)
      multipart-post (>= 1.2, < 3)
    hashie (5.0.0)
    jwt (2.3.0)
    minitest (5.14.0)
    multi_xml (0.6.0)
    multipart-post (2.2.3)
    oauth2 (2.0.7)
      faraday (>= 0.17.3, < 3.0)
      jwt (>= 1.0, < 3.0)
      multi_xml (~> 0.5)
      rack (>= 1.2, < 3)
      rash_alt (>= 0.4, < 1)
      version_gem (~> 1.1)
    omniauth (2.1.0)
      hashie (>= 3.4.6)
      rack (>= 2.2.3)
      rack-protection
    omniauth-oauth2 (1.8.0)
      oauth2 (>= 1.4, < 3)
      omniauth (~> 2.0)
    rack (2.2.4)
    rack-protection (2.2.2)
      rack
    rake (12.3.3)
    rash_alt (0.4.12)
      hashie (>= 3.4)
    version_gem (1.1.0)

PLATFORMS
  ruby

DEPENDENCIES
  minitest (~> 5.0)
  omniauth-kitt!
  rake (~> 12.0)

BUNDLED WITH
   2.1.4
